GEM
  remote: https://rubygems.org/
  specs:
    eventmachine (1.0.3)
    faraday (0.9.0)
      multipart-post (>= 1.2, < 3)
    multipart-post (2.0.0)
    osc-ruby (1.1.0)

PLATFORMS
  ruby

DEPENDENCIES
  eventmachine
  faraday
  osc-ruby
